GIT
  remote: git://github.com/activeadmin/activeadmin.git
  revision: f7483e3b8fcd74437b03c18fb658dac62a9fc62e
  specs:
    activeadmin (1.0.0.pre2)
      arbre (~> 1.0, >= 1.0.2)
      bourbon
      coffee-rails
      formtastic (~> 3.1)
      formtastic_i18n
      inherited_resources (~> 1.6)
      jquery-rails
      jquery-ui-rails
      kaminari (~> 0.15)
      rails (>= 3.2, < 5.0)
      ransack (~> 1.3)
      sass-rails
      sprockets (< 4)

GEM
  remote: https://rubygems.org/
  specs:
    actionmailer (4.2.5.2)
      actionpack (= 4.2.5.2)
      actionview (= 4.2.5.2)
      activejob (= 4.2.5.2)
      mail (~> 2.5, >= 2.5.4)
      rails-dom-testing (~> 1.0, >= 1.0.5)
    actionpack (4.2.5.2)
      actionview (= 4.2.5.2)
      activesupport (= 4.2.5.2)
      rack (~> 1.6)
      rack-test (~> 0.6.2)
      rails-dom-testing (~> 1.0, >= 1.0.5)
      rails-html-sanitizer (~> 1.0, >= 1.0.2)
    actionview (4.2.5.2)
      activesupport (= 4.2.5.2)
      builder (~> 3.1)
      erubis (~> 2.7.0)
      rails-dom-testing (~> 1.0, >= 1.0.5)
      rails-html-sanitizer (~> 1.0, >= 1.0.2)
    active_model_serializers (0.9.4)
      activemodel (>= 3.2)
    active_skin (0.0.12)
    activeadmin_addons (0.6.2)
      railties
      select2-rails (~> 3.5.9)
    activejob (4.2.5.2)
      activesupport (= 4.2.5.2)
      globalid (>= 0.3.0)
    activemodel (4.2.5.2)
      activesupport (= 4.2.5.2)
      builder (~> 3.1)
    activerecord (4.2.5.2)
      activemodel (= 4.2.5.2)
      activesupport (= 4.2.5.2)
      arel (~> 6.0)
    activesupport (4.2.5.2)
      i18n (~> 0.7)
      json (~> 1.7, >= 1.7.7)
      minitest (~> 5.1)
      thread_safe (~> 0.3, >= 0.3.4)
      tzinfo (~> 1.1)
    annotate (2.7.0)
      activerecord (>= 3.2, < 6.0)
      rake (~> 10.4)
    arbre (1.0.3)
      activesupport (>= 3.0.0)
    arel (6.0.3)
    attr_encrypted (2.0.0)
      encryptor (~> 2.0.0)
    aws-sdk (1.66.0)
      aws-sdk-v1 (= 1.66.0)
    aws-sdk-v1 (1.66.0)
      json (~> 1.4)
      nokogiri (>= 1.4.4)
    bcrypt (3.1.10)
    bourbon (4.2.6)
      sass (~> 3.4)
      thor (~> 0.19)
    builder (3.2.2)
    byebug (8.2.2)
    childprocess (0.5.9)
      ffi (~> 1.0, >= 1.0.11)
    cleanroom (1.0.0)
    coderay (1.1.1)
    coffee-rails (4.1.1)
      coffee-script (>= 2.2.0)
      railties (>= 4.0.0, < 5.1.x)
    coffee-script (2.4.1)
      coffee-script-source
      execjs
    coffee-script-source (1.10.0)
    concurrent-ruby (1.0.1)
    delayed_job (4.1.1)
      activesupport (>= 3.0, < 5.0)
    delayed_job_active_record (4.1.0)
      activerecord (>= 3.0, < 5)
      delayed_job (>= 3.0, < 5)
    devise (3.5.6)
      bcrypt (~> 3.0)
      orm_adapter (~> 0.1)
      railties (>= 3.2.6, < 5)
      responders
      thread_safe (~> 0.1)
      warden (~> 1.2.3)
    devise-i18n (0.12.1)
    diff-lcs (1.2.5)
    domain_name (0.5.20160310)
      unf (>= 0.0.5, < 1.0.0)
    dotenv (2.1.0)
    dotenv-rails (2.1.0)
      dotenv (= 2.1.0)
      railties (>= 4.0, < 5.1)
    encryptor (2.0.0)
    enumerize (1.1.1)
      activesupport (>= 3.2)
    erubis (2.7.0)
    execjs (2.6.0)
    factory_girl (4.5.0)
      activesupport (>= 3.0.0)
    factory_girl_rails (4.6.0)
      factory_girl (~> 4.5.0)
      railties (>= 3.0.0)
    ffi (1.9.10)
    formatador (0.2.5)
    formtastic (3.1.3)
      actionpack (>= 3.2.13)
    formtastic_i18n (0.5.0)
    gli (2.13.4)
    globalid (0.3.6)
      activesupport (>= 4.1.0)
    guard (2.13.0)
      formatador (>= 0.2.4)
      listen (>= 2.7, <= 4.0)
      lumberjack (~> 1.0)
      nenv (~> 0.1)
      notiffany (~> 0.0)
      pry (>= 0.9.12)
      shellany (~> 0.0)
      thor (>= 0.18.1)
    guard-compat (1.2.1)
    guard-rspec (4.6.4)
      guard (~> 2.1)
      guard-compat (~> 1.1)
      rspec (>= 2.99.0, < 4.0)
    has_scope (0.6.0)
      actionpack (>= 3.2, < 5)
      activesupport (>= 3.2, < 5)
    http-cookie (1.0.2)
      domain_name (~> 0.5)
    i18n (0.7.0)
    inherited_resources (1.6.0)
      actionpack (>= 3.2, < 5)
      has_scope (~> 0.6.0.rc)
      railties (>= 3.2, < 5)
      responders
    jbuilder (2.4.1)
      activesupport (>= 3.0.0, < 5.1)
      multi_json (~> 1.2)
    jquery-rails (4.1.0)
      rails-dom-testing (~> 1.0)
      railties (>= 4.2.0)
      thor (>= 0.14, < 2.0)
    jquery-ui-rails (5.0.5)
      railties (>= 3.2.16)
    json (1.8.3)
    kaminari (0.16.3)
      actionpack (>= 3.0.0)
      activesupport (>= 3.0.0)
    listen (3.0.6)
      rb-fsevent (>= 0.9.3)
      rb-inotify (>= 0.9.7)
    loofah (2.0.3)
      nokogiri (>= 1.5.9)
    lumberjack (1.0.10)
    mail (2.6.3)
      mime-types (>= 1.16, < 3)
    method_source (0.8.2)
    mime-types (2.99.1)
    mini_portile2 (2.0.0)
    minitest (5.8.4)
    multi_json (1.11.2)
    mysql2 (0.3.20)
    nenv (0.3.0)
    netrc (0.11.0)
    nokogiri (1.6.7.2)
      mini_portile2 (~> 2.0.0.rc2)
    notiffany (0.0.8)
      nenv (~> 0.1)
      shellany (~> 0.0)
    orm_adapter (0.5.0)
    pincers (0.7.11)
      nokogiri (~> 1.6)
      selenium-webdriver (~> 2.45)
    polyamorous (1.3.0)
      activerecord (>= 3.0)
    pry (0.10.3)
      coderay (~> 1.1.0)
      method_source (~> 0.8.1)
      slop (~> 3.4)
    pry-byebug (3.3.0)
      byebug (~> 8.0)
      pry (~> 0.10)
    pry-rails (0.3.4)
      pry (>= 0.9.10)
    puma (3.0.2)
    rack (1.6.4)
    rack-cors (0.4.0)
    rack-test (0.6.3)
      rack (>= 1.0)
    rack-timeout (0.3.2)
    rails (4.2.5.2)
      actionmailer (= 4.2.5.2)
      actionpack (= 4.2.5.2)
      actionview (= 4.2.5.2)
      activejob (= 4.2.5.2)
      activemodel (= 4.2.5.2)
      activerecord (= 4.2.5.2)
      activesupport (= 4.2.5.2)
      bundler (>= 1.3.0, < 2.0)
      railties (= 4.2.5.2)
      sprockets-rails
    rails-deprecated_sanitizer (1.0.3)
      activesupport (>= 4.2.0.alpha)
    rails-dom-testing (1.0.7)
      activesupport (>= 4.2.0.beta, < 5.0)
      nokogiri (~> 1.6.0)
      rails-deprecated_sanitizer (>= 1.0.1)
    rails-html-sanitizer (1.0.3)
      loofah (~> 2.0)
    rails-i18n (4.0.8)
      i18n (~> 0.7)
      railties (~> 4.0)
    rails_stdout_logging (0.0.4)
    railties (4.2.5.2)
      actionpack (= 4.2.5.2)
      activesupport (= 4.2.5.2)
      rake (>= 0.8.7)
      thor (>= 0.18.1, < 2.0)
    rainbow (2.1.0)
    rake (10.5.0)
    ransack (1.7.0)
      actionpack (>= 3.0)
      activerecord (>= 3.0)
      activesupport (>= 3.0)
      i18n
      polyamorous (~> 1.2)
    rb-fsevent (0.9.7)
    rb-inotify (0.9.7)
      ffi (>= 0.5.0)
    rdoc (4.2.2)
      json (~> 1.4)
    responders (2.1.1)
      railties (>= 4.2.0, < 5.1)
    rest-client (1.8.0)
      http-cookie (>= 1.0.2, < 2.0)
      mime-types (>= 1.16, < 3.0)
      netrc (~> 0.7)
    rspec (3.4.0)
      rspec-core (~> 3.4.0)
      rspec-expectations (~> 3.4.0)
      rspec-mocks (~> 3.4.0)
    rspec-core (3.4.3)
      rspec-support (~> 3.4.0)
    rspec-expectations (3.4.0)
      diff-lcs (>= 1.2.0, < 2.0)
      rspec-support (~> 3.4.0)
    rspec-mocks (3.4.1)
      diff-lcs (>= 1.2.0, < 2.0)
      rspec-support (~> 3.4.0)
    rspec-nc (0.2.1)
      rspec (>= 2.9)
      terminal-notifier (>= 1.4)
    rspec-rails (3.4.2)
      actionpack (>= 3.0, < 4.3)
      activesupport (>= 3.0, < 4.3)
      railties (>= 3.0, < 4.3)
      rspec-core (~> 3.4.0)
      rspec-expectations (~> 3.4.0)
      rspec-mocks (~> 3.4.0)
      rspec-support (~> 3.4.0)
    rspec-support (3.4.1)
    rspec_junit_formatter (0.2.2)
      builder (< 4)
      rspec-core (>= 2, < 4, != 2.12.0)
    rubyzip (1.2.0)
    sass (3.4.21)
    sass-rails (5.0.4)
      railties (>= 4.0.0, < 5.0)
      sass (~> 3.1)
      sprockets (>= 2.8, < 4.0)
      sprockets-rails (>= 2.0, < 4.0)
      tilt (>= 1.1, < 3)
    sdoc (0.4.1)
      json (~> 1.7, >= 1.7.7)
      rdoc (~> 4.0)
    select2-rails (3.5.9.3)
      thor (~> 0.14)
    selenium-webdriver (2.53.0)
      childprocess (~> 0.5)
      rubyzip (~> 1.0)
      websocket (~> 1.0)
    shellany (0.0.1)
    shoulda-matchers (3.1.1)
      activesupport (>= 4.0.0)
    simple_token_authentication (1.12.0)
      actionmailer (>= 3.2.6, < 5)
      actionpack (>= 3.2.6, < 5)
      devise (~> 3.2)
    slop (3.6.0)
    spring (1.6.4)
    sprockets (3.5.2)
      concurrent-ruby (~> 1.0)
      rack (> 1, < 3)
    sprockets-rails (3.0.3)
      actionpack (>= 4.0)
      activesupport (>= 4.0)
      sprockets (>= 3.0.0)
    terminal-notifier (1.6.3)
    terminal-notifier-guard (1.6.4)
    thor (0.19.1)
    thread_safe (0.3.5)
    tilt (2.0.2)
    trade-o-matic (0.5.1)
      gli (~> 2.12)
      pincers (~> 0.7)
      rainbow (~> 2.0)
      rest-client (~> 1.8)
    turbolinks (2.5.3)
      coffee-rails
    tzinfo (1.2.2)
      thread_safe (~> 0.1)
    uglifier (2.7.2)
      execjs (>= 0.3.0)
      json (>= 1.8.0)
    unf (0.1.4)
      unf_ext
    unf_ext (0.0.7.2)
    versionist (1.4.1)
      activesupport (>= 3)
      railties (>= 3)
      yard (~> 0.7)
    warden (1.2.6)
      rack (>= 1.0)
    websocket (1.2.3)
    yard (0.8.7.6)

PLATFORMS
  ruby

DEPENDENCIES
  active_model_serializers (~> 0.9.3)
  active_skin
  activeadmin!
  activeadmin_addons
  annotate
  attr_encrypted (~> 2.0.0)
  aws-sdk (< 2)
  cleanroom
  coffee-rails (~> 4.1.0)
  delayed_job_active_record
  devise
  devise-i18n
  dotenv-rails
  enumerize (~> 1.1)
  factory_girl_rails
  guard-rspec
  jbuilder (~> 2.0)
  jquery-rails
  mysql2 (~> 0.3.18)
  pry-byebug
  pry-rails
  puma
  rack-cors (~> 0.4)
  rack-timeout
  rails (= 4.2.5.2)
  rails-i18n
  rails_stdout_logging
  responders
  rspec-nc
  rspec-rails
  rspec_junit_formatter (= 0.2.2)
  sass-rails (~> 5.0)
  sdoc (~> 0.4.0)
  shoulda-matchers
  simple_token_authentication (~> 1.0)
  spring
  terminal-notifier-guard (~> 1.6.1)
  trade-o-matic (~> 0.5)
  turbolinks
  uglifier (>= 1.3.0)
  versionist

BUNDLED WITH
   1.12.3
